PATH
  remote: .
  specs:
    lucid-cumulus (0.11.8)
      aws-sdk (~> 2.6.3)
      deepsort (~> 0.1)
      parse-cron (~> 0.1.4)

GEM
  remote: https://rubygems.org/
  specs:
    aws-sdk (2.6.50)
      aws-sdk-resources (= 2.6.50)
    aws-sdk-core (2.6.50)
      aws-sigv4 (~> 1.0)
      jmespath (~> 1.0)
    aws-sdk-resources (2.6.50)
      aws-sdk-core (= 2.6.50)
    aws-sigv4 (1.0.0)
    deepsort (0.4.0)
    diff-lcs (1.2.5)
    jmespath (1.3.1)
    parse-cron (0.1.4)
    rake (11.2.2)
    rspec (3.4.0)
      rspec-core (~> 3.4.0)
      rspec-expectations (~> 3.4.0)
      rspec-mocks (~> 3.4.0)
    rspec-core (3.4.4)
      rspec-support (~> 3.4.0)
    rspec-expectations (3.4.0)
      diff-lcs (>= 1.2.0, < 2.0)
      rspec-support (~> 3.4.0)
    rspec-mocks (3.4.1)
      diff-lcs (>= 1.2.0, < 2.0)
      rspec-support (~> 3.4.0)
    rspec-support (3.4.1)

PLATFORMS
  ruby

DEPENDENCIES
  lucid-cumulus!
  rake
  rspec

BUNDLED WITH
   1.15.0
