GEM
  remote: https://rubygems.org/
  specs:
    aws-sdk (2.1.28)
      aws-sdk-resources (= 2.1.28)
    aws-sdk-core (2.1.28)
      jmespath (~> 1.0)
    aws-sdk-resources (2.1.28)
      aws-sdk-core (= 2.1.28)
    concurrent-ruby (1.0.0)
    jmespath (1.1.3)
    parse-cron (0.1.4)

PLATFORMS
  ruby

DEPENDENCIES
  aws-sdk (= 2.1.28)
  concurrent-ruby
  parse-cron (~> 0.1.4)

BUNDLED WITH
   1.10.6
